STORAGE: NONE
RESTRICTION: == net6.0
NUGET
  remote: https://api.nuget.org/v3/index.json
    FSharp.Core (6.0)
    NetTopologySuite (2.1)
      System.Memory (>= 4.5.3)
    NetTopologySuite.IO.PostGis (2.1)
      NetTopologySuite (>= 2.0 < 3.0.0-A)
    Npgsql (6.0.2)
      System.Runtime.CompilerServices.Unsafe (>= 6.0)
    Npgsql.NetTopologySuite (6.0.2)
      NetTopologySuite.IO.PostGis (>= 2.1)
      Npgsql (>= 6.0.2)
    Ply (0.3.1)
      FSharp.Core (>= 4.6.2)
      System.Threading.Tasks.Extensions (>= 4.5.4)
    System.Memory (4.5.4)
    System.Runtime.CompilerServices.Unsafe (6.0)
    System.Threading.Tasks.Extensions (4.5.4)

GROUP tests
STORAGE: NONE
RESTRICTION: == net6.0
NUGET
  remote: https://api.nuget.org/v3/index.json
    FSharp.Core (5.0.2)
    Microsoft.CodeCoverage (17.0)
    Microsoft.NET.Test.Sdk (17.0)
      Microsoft.CodeCoverage (>= 17.0)
      Microsoft.TestPlatform.TestHost (>= 17.0)
    Microsoft.NETCore.Platforms (5.0)
    Microsoft.TestPlatform.ObjectModel (17.0)
      NuGet.Frameworks (>= 5.0)
      System.Reflection.Metadata (>= 1.6)
    Microsoft.TestPlatform.TestHost (17.0)
      Microsoft.TestPlatform.ObjectModel (>= 17.0)
      Newtonsoft.Json (>= 9.0.1)
    NETStandard.Library (2.0.3)
      Microsoft.NETCore.Platforms (>= 1.1)
    NetTopologySuite (2.1)
      System.Memory (>= 4.5.3)
    NetTopologySuite.IO.PostGis (2.1)
      NetTopologySuite (>= 2.0 < 3.0.0-A)
    Newtonsoft.Json (12.0.3)
    Npgsql (6.0.2)
      System.Runtime.CompilerServices.Unsafe (>= 6.0)
    Npgsql.NetTopologySuite (6.0.2)
      NetTopologySuite.IO.PostGis (>= 2.1)
      Npgsql (>= 6.0.2)
    NuGet.Frameworks (5.8)
    Ply (0.3.1)
      FSharp.Core (>= 4.6.2)
      System.Threading.Tasks.Extensions (>= 4.5.4)
    System.Memory (4.5.4)
    System.Reflection.Metadata (5.0)
    System.Runtime.CompilerServices.Unsafe (6.0)
    System.Threading.Tasks.Extensions (4.5.4)
    xunit (2.4.1)
      xunit.analyzers (>= 0.10)
      xunit.assert (2.4.1)
      xunit.core (2.4.1)
    xunit.abstractions (2.0.3)
    xunit.analyzers (0.10)
    xunit.assert (2.4.1)
      NETStandard.Library (>= 1.6.1)
    xunit.core (2.4.1)
      xunit.extensibility.core (2.4.1)
      xunit.extensibility.execution (2.4.1)
    xunit.extensibility.core (2.4.1)
      NETStandard.Library (>= 1.6.1)
      xunit.abstractions (>= 2.0.3)
    xunit.extensibility.execution (2.4.1)
      NETStandard.Library (>= 1.6.1)
      xunit.extensibility.core (2.4.1)
    xunit.runner.visualstudio (2.4.3)

GROUP tpsdk
STORAGE: NONE
RESTRICTION: == netstandard2.0
GITHUB
  remote: fsprojects/FSharp.TypeProviders.SDK
    src/ProvidedTypes.fs (add1d43349c420e659a731268b64afa212ef3329)
    src/ProvidedTypes.fsi (add1d43349c420e659a731268b64afa212ef3329)